PATH
  remote: ../adam_common
  specs:
    adam_common (0.0.1)
      virtus

GEM
  remote: http://rubygems.org/
  specs:
    amq-client (0.9.4)
      amq-protocol (>= 0.9.4)
      eventmachine
    amq-protocol (0.9.4)
    amqp (0.9.7)
      amq-client (~> 0.9.4)
      amq-protocol (>= 0.9.4)
      eventmachine
    backports (2.6.4)
    bing_translator (3.0.0)
      json (~> 1.7.3)
      nokogiri (~> 1.5.0)
    diff-lcs (1.1.3)
    evented-spec (0.9.0)
    eventmachine (1.0.0)
    guard (1.3.3)
      listen (>= 0.4.2)
      thor (>= 0.14.6)
    guard-rspec (1.2.1)
      guard (>= 1.1)
    iso-639 (0.1.0)
    json (1.7.6)
    listen (0.5.2)
    nokogiri (1.5.6)
    rspec (2.11.0)
      rspec-core (~> 2.11.0)
      rspec-expectations (~> 2.11.0)
      rspec-mocks (~> 2.11.0)
    rspec-core (2.11.1)
    rspec-expectations (2.11.3)
      diff-lcs (~> 1.1.3)
    rspec-mocks (2.11.3)
    thor (0.16.0)
    virtus (0.5.2)
      backports (~> 2.6.1)

PLATFORMS
  ruby

DEPENDENCIES
  adam_common!
  amqp
  bing_translator
  evented-spec
  guard
  guard-rspec
  iso-639
  rspec
