PATH
  remote: ../adam_common
  specs:
    adam_common (0.0.1)
      virtus

GEM
  remote: https://rubygems.org/
  specs:
    addressable (2.3.2)
    amq-client (0.9.10)
      amq-protocol (>= 0.9.4)
      eventmachine
    amq-protocol (1.1.0)
    amqp (0.9.8)
      amq-client (~> 0.9.5)
      amq-protocol (>= 0.9.4)
      eventmachine
    backports (2.6.4)
    bing_translator (3.0.0)
      json (~> 1.7.3)
      nokogiri (~> 1.5.0)
    crack (0.3.2)
    diff-lcs (1.1.3)
    evented-spec (0.9.0)
    eventmachine (1.0.0)
    faraday (0.8.4)
      multipart-post (~> 1.1)
    faraday_middleware (0.9.0)
      faraday (>= 0.7.4, < 0.9)
    guard (1.3.3)
      listen (>= 0.4.2)
      thor (>= 0.14.6)
    guard-rspec (1.2.1)
      guard (>= 1.1)
    iso-639 (0.1.0)
    json (1.7.6)
    listen (0.5.2)
    little-plugger (1.1.3)
    logging (1.7.2)
      little-plugger (>= 1.1.3)
    multipart-post (1.1.5)
    nokogiri (1.5.6)
    pipejump (0.4.3)
    rspec (2.11.0)
      rspec-core (~> 2.11.0)
      rspec-expectations (~> 2.11.0)
      rspec-mocks (~> 2.11.0)
    rspec-core (2.11.1)
    rspec-expectations (2.11.3)
      diff-lcs (~> 1.1.3)
    rspec-mocks (2.11.3)
    thor (0.16.0)
    virtus (0.5.2)
      backports (~> 2.6.1)
    webmock (1.9.0)
      addressable (>= 2.2.7)
      crack (>= 0.1.7)

PLATFORMS
  ruby

DEPENDENCIES
  adam_common!
  amqp
  bing_translator
  evented-spec
  faraday
  faraday_middleware
  guard
  guard-rspec
  iso-639
  logging
  pipejump
  rspec
  webmock
