GIT
  remote: git://github.com/adhearsion/adhearsion.git
  revision: 94e8320618ded65a434ff7d3933eb38bea94713d
  branch: develop
  specs:
    adhearsion (2.0.0.head)
      activesupport (>= 3.0.10)
      bundler (>= 1.0.10)
      countdownlatch
      future-resource (>= 0.0.2)
      girl_friday
      has-guarded-handlers (>= 0.1.1)
      i18n (>= 0.5.0)
      json
      logging (>= 1.6.1)
      loquacious (>= 1.9.0)
      pry
      punchblock (>= 0.7.1)
      rake
      rubigen (>= 1.5.6)
      ruby_speech (>= 0.2.0)
      uuid

GEM
  remote: http://rubygems.org/
  specs:
    activesupport (3.1.3)
      multi_json (~> 1.0)
    blather (0.5.10)
      activesupport (>= 3.0.7)
      eventmachine (>= 0.12.6)
      niceogiri (>= 0.1.0)
      nokogiri (~> 1.4.0)
    celluloid (0.6.2)
    coderay (0.9.8)
    connection_pool (0.1.0)
    countdownlatch (1.0.0)
    eventmachine (0.12.10)
    future-resource (0.0.2)
    girl_friday (0.9.7)
      connection_pool (~> 0.1.0)
    has-guarded-handlers (0.1.1)
    i18n (0.6.0)
    json (1.6.3)
    little-plugger (1.1.3)
    logging (1.6.1)
      little-plugger (>= 1.1.2)
    loquacious (1.9.1)
    macaddr (1.5.0)
      systemu (>= 2.4.0)
    method_source (0.6.7)
      ruby_parser (>= 2.3.1)
    multi_json (1.0.4)
    niceogiri (0.1.1)
      nokogiri (~> 1.4.6)
    nokogiri (1.4.7)
    pry (0.9.7.4)
      coderay (~> 0.9.8)
      method_source (~> 0.6.7)
      ruby_parser (>= 2.3.1)
      slop (~> 2.1.0)
    punchblock (0.7.1)
      activesupport (>= 2.1.0)
      blather (>= 0.5.9)
      celluloid (>= 0.6.0)
      future-resource (>= 0.0.2)
      has-guarded-handlers (>= 0.1.0)
      niceogiri (>= 0.0.4)
      ruby_ami (>= 0.1.3)
      state_machine (>= 1.0.1)
    rake (0.9.2.2)
    rubigen (1.5.6)
      activesupport (>= 2.3.5)
      i18n
    ruby_ami (0.1.4)
      activesupport (>= 3.0.9)
      countdownlatch (>= 1.0.0)
      eventmachine
      future-resource
      girl_friday
      i18n
      uuidtools
    ruby_parser (2.3.1)
      sexp_processor (~> 3.0)
    ruby_speech (0.3.4)
      activesupport (>= 3.0.7)
      niceogiri (>= 0.1.1)
    sexp_processor (3.0.9)
    slop (2.1.0)
    state_machine (1.1.0)
    systemu (2.4.2)
    uuid (2.3.4)
      macaddr (~> 1.0)
    uuidtools (2.1.2)

PLATFORMS
  ruby

DEPENDENCIES
  adhearsion!
