GIT
  remote: git://github.com/adhearsion/adhearsion.git
  revision: 94e8320618ded65a434ff7d3933eb38bea94713d
  branch: develop
  specs:
    adhearsion (2.0.0.head)
      activesupport (>= 3.0.10)
      bundler (>= 1.0.10)
      countdownlatch
      future-resource (>= 0.0.2)
      girl_friday
      has-guarded-handlers (>= 0.1.1)
      i18n (>= 0.5.0)
      json
      logging (>= 1.6.1)
      loquacious (>= 1.9.0)
      pry
      punchblock (>= 0.7.1)
      rake
      rubigen (>= 1.5.6)
      ruby_speech (>= 0.2.0)
      uuid

GEM
  remote: http://rubygems.org/
  specs:
    actionmailer (3.1.3)
      actionpack (= 3.1.3)
      mail (~> 2.3.0)
    actionpack (3.1.3)
      activemodel (= 3.1.3)
      activesupport (= 3.1.3)
      builder (~> 3.0.0)
      erubis (~> 2.7.0)
      i18n (~> 0.6)
      rack (~> 1.3.5)
      rack-cache (~> 1.1)
      rack-mount (~> 0.8.2)
      rack-test (~> 0.6.1)
      sprockets (~> 2.0.3)
    activemodel (3.1.3)
      activesupport (= 3.1.3)
      builder (~> 3.0.0)
      i18n (~> 0.6)
    activerecord (3.1.3)
      activemodel (= 3.1.3)
      activesupport (= 3.1.3)
      arel (~> 2.2.1)
      tzinfo (~> 0.3.29)
    activeresource (3.1.3)
      activemodel (= 3.1.3)
      activesupport (= 3.1.3)
    activesupport (3.1.3)
      multi_json (~> 1.0)
    arel (2.2.1)
    blather (0.5.10)
      activesupport (>= 3.0.7)
      eventmachine (>= 0.12.6)
      niceogiri (>= 0.1.0)
      nokogiri (~> 1.4.0)
    bson (1.5.2)
    bson_ext (1.5.2)
      bson (= 1.5.2)
    builder (3.0.0)
    capistrano (2.9.0)
      highline
      net-scp (>= 1.0.0)
      net-sftp (>= 2.0.0)
      net-ssh (>= 2.0.14)
      net-ssh-gateway (>= 1.1.0)
    celluloid (0.6.2)
    coderay (0.9.8)
    coffee-rails (3.1.1)
      coffee-script (>= 2.2.0)
      railties (~> 3.1.0)
    coffee-script (2.2.0)
      coffee-script-source
      execjs
    coffee-script-source (1.2.0)
    connection_pool (0.1.0)
    countdownlatch (1.0.0)
    database_cleaner (0.7.0)
    diff-lcs (1.1.3)
    erubis (2.7.0)
    eventmachine (0.12.10)
    execjs (1.2.13)
      multi_json (~> 1.0)
    future-resource (0.0.2)
    girl_friday (0.9.7)
      connection_pool (~> 0.1.0)
    has-guarded-handlers (0.1.1)
    highline (1.6.9)
    hike (1.2.1)
    i18n (0.6.0)
    jquery-rails (1.0.19)
      railties (~> 3.0)
      thor (~> 0.14)
    json (1.6.3)
    little-plugger (1.1.3)
    logging (1.6.1)
      little-plugger (>= 1.1.2)
    loquacious (1.9.1)
    macaddr (1.5.0)
      systemu (>= 2.4.0)
    mail (2.3.0)
      i18n (>= 0.4.0)
      mime-types (~> 1.16)
      treetop (~> 1.4.8)
    method_source (0.6.7)
      ruby_parser (>= 2.3.1)
    mime-types (1.17.2)
    mongo (1.5.2)
      bson (= 1.5.2)
    mongoid (2.3.4)
      activemodel (~> 3.1)
      mongo (~> 1.3)
      tzinfo (~> 0.3.22)
    multi_json (1.0.4)
    net-scp (1.0.4)
      net-ssh (>= 1.99.1)
    net-sftp (2.0.5)
      net-ssh (>= 2.0.9)
    net-ssh (2.2.1)
    net-ssh-gateway (1.1.0)
      net-ssh (>= 1.99.1)
    niceogiri (0.1.1)
      nokogiri (~> 1.4.6)
    nokogiri (1.4.7)
    polyglot (0.3.3)
    pry (0.9.7.4)
      coderay (~> 0.9.8)
      method_source (~> 0.6.7)
      ruby_parser (>= 2.3.1)
      slop (~> 2.1.0)
    punchblock (0.7.1)
      activesupport (>= 2.1.0)
      blather (>= 0.5.9)
      celluloid (>= 0.6.0)
      future-resource (>= 0.0.2)
      has-guarded-handlers (>= 0.1.0)
      niceogiri (>= 0.0.4)
      ruby_ami (>= 0.1.3)
      state_machine (>= 1.0.1)
    rack (1.3.5)
    rack-cache (1.1)
      rack (>= 0.4)
    rack-mount (0.8.3)
      rack (>= 1.0.0)
    rack-ssl (1.3.2)
      rack
    rack-test (0.6.1)
      rack (>= 1.0)
    rails (3.1.3)
      actionmailer (= 3.1.3)
      actionpack (= 3.1.3)
      activerecord (= 3.1.3)
      activeresource (= 3.1.3)
      activesupport (= 3.1.3)
      bundler (~> 1.0)
      railties (= 3.1.3)
    railties (3.1.3)
      actionpack (= 3.1.3)
      activesupport (= 3.1.3)
      rack-ssl (~> 1.3.2)
      rake (>= 0.8.7)
      rdoc (~> 3.4)
      thor (~> 0.14.6)
    rake (0.9.2.2)
    rdoc (3.12)
      json (~> 1.4)
    rspec (2.7.0)
      rspec-core (~> 2.7.0)
      rspec-expectations (~> 2.7.0)
      rspec-mocks (~> 2.7.0)
    rspec-core (2.7.1)
    rspec-expectations (2.7.0)
      diff-lcs (~> 1.1.2)
    rspec-mocks (2.7.0)
    rspec-rails (2.7.0)
      actionpack (~> 3.0)
      activesupport (~> 3.0)
      railties (~> 3.0)
      rspec (~> 2.7.0)
    rubigen (1.5.6)
      activesupport (>= 2.3.5)
      i18n
    ruby_ami (0.1.4)
      activesupport (>= 3.0.9)
      countdownlatch (>= 1.0.0)
      eventmachine
      future-resource
      girl_friday
      i18n
      uuidtools
    ruby_parser (2.3.1)
      sexp_processor (~> 3.0)
    ruby_speech (0.3.4)
      activesupport (>= 3.0.7)
      niceogiri (>= 0.1.1)
    sass (3.1.12)
    sass-rails (3.1.5)
      actionpack (~> 3.1.0)
      railties (~> 3.1.0)
      sass (~> 3.1.10)
      tilt (~> 1.3.2)
    sexp_processor (3.0.9)
    slop (2.1.0)
    sprockets (2.0.3)
      hike (~> 1.2)
      rack (~> 1.0)
      tilt (~> 1.1, != 1.3.0)
    state_machine (1.1.0)
    systemu (2.4.2)
    thor (0.14.6)
    tilt (1.3.3)
    treetop (1.4.10)
      polyglot
      polyglot (>= 0.3.1)
    tzinfo (0.3.31)
    uglifier (1.2.0)
      execjs (>= 0.3.0)
      multi_json (>= 1.0.2)
    uuid (2.3.4)
      macaddr (~> 1.0)
    uuidtools (2.1.2)

PLATFORMS
  ruby

DEPENDENCIES
  adhearsion!
  bson_ext (~> 1.4)
  capistrano
  coffee-rails (~> 3.1.1)
  database_cleaner
  jquery-rails
  mongoid (~> 2.3)
  rails (= 3.1.3)
  rspec-rails
  sass-rails (~> 3.1.5)
  uglifier (>= 1.0.3)
