GIT
  remote: git://github.com/sprsquish/blather.git
  revision: e32ab968928c91a26b74ddf0145c2454fe4e29b3
  branch: develop
  specs:
    blather (0.7.0)
      activesupport (>= 3.0.7)
      eventmachine (>= 0.12.6)
      girl_friday
      niceogiri (~> 1.0)
      nokogiri (~> 1.4)

GEM
  remote: http://rubygems.org/
  specs:
    activesupport (3.2.3)
      i18n (~> 0.6)
      multi_json (~> 1.0)
    adhearsion (2.0.0)
      activesupport (>= 3.0.10)
      adhearsion-loquacious (>= 1.9.0)
      bundler (~> 1.0)
      celluloid (>= 0.10.0)
      countdownlatch
      deep_merge
      ffi (>= 1.0.11)
      future-resource (~> 1.0)
      girl_friday
      has-guarded-handlers (~> 1.1)
      logging (>= 1.6.1)
      pry
      punchblock (~> 1.0)
      rake
      ruby_speech (~> 1.0)
      thor
      uuid
    adhearsion-loquacious (1.9.2)
    adhearsion-reporter (2.0.0)
      adhearsion (~> 2.0)
      toadhopper (>= 1.3.0)
    adhearsion-xmpp (1.0.0)
      activesupport (>= 3.0.10)
      adhearsion (~> 2.0)
      blather (>= 0.5.7)
      i18n (>= 0.5.0)
    celluloid (0.10.0)
    coderay (1.0.6)
    columnize (0.3.6)
    connection_pool (0.1.0)
    countdownlatch (1.0.0)
    debugger (1.1.0)
      columnize (>= 0.3.1)
      debugger-linecache (~> 1.1)
      debugger-ruby_core_source (~> 1.1)
    debugger-linecache (1.1.1)
      debugger-ruby_core_source (>= 1.1.1)
    debugger-ruby_core_source (1.1.1)
    deep_merge (1.0.0)
    diff-lcs (1.1.3)
    eventmachine (0.12.10)
    ffi (1.0.11)
    future-resource (1.0.0)
    girl_friday (0.9.7)
      connection_pool (~> 0.1.0)
    guard (1.0.1)
      ffi (>= 0.5.0)
      thor (~> 0.14.6)
    guard-rspec (0.7.0)
      guard (>= 0.10.0)
    has-guarded-handlers (1.2.0)
      uuid
    horde_rpc (0.2.0)
    httparty (0.8.3)
      multi_json (~> 1.0)
      multi_xml
    i18n (0.6.0)
    little-plugger (1.1.3)
    logging (1.7.2)
      little-plugger (>= 1.1.3)
    macaddr (1.5.0)
      systemu (>= 2.4.0)
    metaclass (0.0.1)
    method_source (0.7.1)
    mocha (0.10.5)
      metaclass (~> 0.0.1)
    multi_json (1.2.0)
    multi_xml (0.5.1)
    niceogiri (1.0.1)
      nokogiri (~> 1.4)
    nokogiri (1.5.2)
    pry (0.9.8.4)
      coderay (~> 1.0.5)
      method_source (~> 0.7.1)
      slop (>= 2.4.4, < 3)
    punchblock (1.0.0)
      activesupport (>= 2.1.0)
      blather (>= 0.5.12)
      celluloid (>= 0.9.0)
      future-resource (>= 0.0.2)
      has-guarded-handlers (>= 0.1.0)
      niceogiri (>= 0.0.4)
      ruby_ami (>= 0.1.3)
      ruby_speech (>= 0.5.1)
      state_machine (>= 1.0.1)
    rake (0.9.2.2)
    rspec (2.9.0)
      rspec-core (~> 2.9.0)
      rspec-expectations (~> 2.9.0)
      rspec-mocks (~> 2.9.0)
    rspec-core (2.9.0)
    rspec-expectations (2.9.1)
      diff-lcs (~> 1.1.3)
    rspec-mocks (2.9.0)
    ruby_ami (1.0.0)
      activesupport (>= 3.0.9)
      countdownlatch (>= 1.0.0)
      eventmachine
      future-resource
      girl_friday
      i18n
      uuidtools
    ruby_gntp (0.3.4)
    ruby_speech (1.0.0)
      activesupport (>= 3.0.7)
      niceogiri (~> 1.0)
    slop (2.4.4)
    state_machine (1.1.2)
    systemu (2.5.0)
    thor (0.14.6)
    toadhopper (2.0)
    uuid (2.3.5)
      macaddr (~> 1.0)
    uuidtools (2.1.2)

PLATFORMS
  ruby

DEPENDENCIES
  adhearsion (~> 2.0)
  adhearsion-reporter (~> 2.0)
  adhearsion-xmpp (~> 1.0)
  blather!
  debugger
  guard
  guard-rspec
  horde_rpc
  httparty
  mocha
  rspec
  ruby_gntp
