GIT
  remote: git://github.com/adhearsion/punchblock.git
  revision: c23f43bf87b75c874f9558e9cf7e62c6faf5db93
  branch: feature/new_rayo
  specs:
    punchblock (1.8.0)
      activesupport (~> 3.0)
      blather (>= 0.7.0)
      celluloid (~> 0.13)
      future-resource (~> 1.0)
      has-guarded-handlers (~> 1.5)
      niceogiri (~> 1.1)
      nokogiri (~> 1.5, >= 1.5.6)
      ruby_ami (~> 1.2, >= 1.2.1)
      ruby_fs (~> 1.0)
      ruby_speech (~> 1.1)
      state_machine (~> 1.0)

GEM
  remote: https://rubygems.org/
  specs:
    activesupport (3.2.13)
      i18n (= 0.6.1)
      multi_json (~> 1.0)
    adhearsion (2.3.0)
      activesupport (~> 3.0)
      adhearsion-loquacious (~> 1.9)
      bundler (~> 1.0)
      celluloid (~> 0.13)
      countdownlatch
      deep_merge
      ffi (~> 1.0)
      future-resource (~> 1.0)
      girl_friday
      has-guarded-handlers (~> 1.5)
      logging (~> 1.8)
      pry
      punchblock (~> 1.4)
      rake
      ruby_speech (~> 1.0)
      thor
    adhearsion-loquacious (1.9.3)
    adhearsion-reporter (2.0.1)
      adhearsion (~> 2.0)
      toadhopper (>= 1.3.0)
    blather (0.8.4)
      activesupport (>= 2.3.11)
      eventmachine (>= 1.0.0)
      girl_friday
      niceogiri (~> 1.0)
      nokogiri (~> 1.5, >= 1.5.6)
    celluloid (0.13.0)
      timers (>= 1.0.0)
    celluloid-io (0.13.0)
      celluloid (>= 0.13.0)
      nio4r (>= 0.4.0)
    coderay (1.0.9)
    connection_pool (1.0.0)
    countdownlatch (1.0.0)
    deep_merge (1.0.0)
    diff-lcs (1.2.1)
    eventmachine (1.0.3)
    ffi (1.6.0)
    future-resource (1.0.0)
    girl_friday (0.11.2)
      connection_pool (~> 1.0)
      rubinius-actor
    guard (1.6.2)
      listen (>= 0.6.0)
      lumberjack (>= 1.0.2)
      pry (>= 0.9.10)
      terminal-table (>= 1.4.3)
      thor (>= 0.14.6)
    guard-rspec (2.5.1)
      guard (>= 1.1)
      rspec (~> 2.11)
    has-guarded-handlers (1.5.0)
    i18n (0.6.1)
    json (1.7.7)
    listen (0.7.3)
    little-plugger (1.1.3)
    logging (1.8.1)
      little-plugger (>= 1.1.3)
      multi_json (>= 1.3.6)
    lumberjack (1.0.3)
    method_source (0.8.1)
    multi_json (1.7.2)
    niceogiri (1.1.1)
      nokogiri (~> 1.5)
    nio4r (0.4.3)
    nokogiri (1.5.9)
    pry (0.9.12)
      coderay (~> 1.0.5)
      method_source (~> 0.8)
      slop (~> 3.4)
    rake (10.0.4)
    rspec (2.13.0)
      rspec-core (~> 2.13.0)
      rspec-expectations (~> 2.13.0)
      rspec-mocks (~> 2.13.0)
    rspec-core (2.13.1)
    rspec-expectations (2.13.0)
      diff-lcs (>= 1.1.3, < 2.0)
    rspec-mocks (2.13.0)
    rubinius-actor (0.0.2)
      rubinius-core-api
    rubinius-core-api (0.0.1)
    ruby_ami (1.3.2)
      celluloid-io (~> 0.13)
      countdownlatch (~> 1.0)
      future-resource
      girl_friday
    ruby_fs (1.0.5)
      celluloid-io (~> 0.13)
      json
    ruby_gntp (0.3.4)
    ruby_speech (1.1.0)
      activesupport (>= 3.0.7)
      niceogiri (~> 1.1, >= 1.1.1)
      nokogiri (~> 1.5, >= 1.5.6)
    slop (3.4.4)
    state_machine (1.1.2)
    terminal-table (1.4.5)
    thor (0.17.0)
    timers (1.1.0)
    toadhopper (2.1)

PLATFORMS
  ruby

DEPENDENCIES
  adhearsion (~> 2.3)
  adhearsion-reporter (~> 2.0)
  guard
  guard-rspec
  punchblock!
  rspec
  ruby_gntp
