GEM
  remote: http://rubygems.org/
  specs:
    activesupport (3.2.8)
      i18n (~> 0.6)
      multi_json (~> 1.0)
    adhearsion (2.1.1)
      activesupport (>= 3.0.10)
      adhearsion-loquacious (>= 1.9.0)
      bundler (~> 1.0)
      celluloid (>= 0.10.0)
      countdownlatch
      deep_merge
      ffi (>= 1.0.11)
      future-resource (~> 1.0)
      girl_friday
      has-guarded-handlers (~> 1.1)
      logging (>= 1.6.1)
      pry
      punchblock (~> 1.4)
      rake
      ruby_speech (~> 1.0)
      thor
    adhearsion-loquacious (1.9.3)
    adhearsion-reporter (2.0.0)
      adhearsion (~> 2.0)
      toadhopper (>= 1.3.0)
    blather (0.8.0)
      activesupport (>= 2.3.11)
      eventmachine (>= 0.12.6)
      girl_friday
      niceogiri (~> 1.0)
      nokogiri (~> 1.5.5)
    celluloid (0.12.0)
      timers (>= 1.0.0)
    celluloid-io (0.12.0)
      celluloid (~> 0.12.0)
      nio4r (>= 0.4.0)
    coderay (1.0.7)
    connection_pool (0.9.2)
    countdownlatch (1.0.0)
    deep_merge (1.0.0)
    diff-lcs (1.1.3)
    eventmachine (1.0.0)
    ffi (1.1.5)
    future-resource (1.0.0)
    girl_friday (0.10.0)
      connection_pool (~> 0.9.0)
    guard (1.3.2)
      listen (>= 0.4.2)
      thor (>= 0.14.6)
    guard-rspec (1.2.1)
      guard (>= 1.1)
    has-guarded-handlers (1.3.1)
    horde_rpc (0.2.0)
    httparty (0.9.0)
      multi_json (~> 1.0)
      multi_xml
    i18n (0.6.1)
    json (1.7.5)
    listen (0.5.0)
    little-plugger (1.1.3)
    logging (1.7.2)
      little-plugger (>= 1.1.3)
    metaclass (0.0.1)
    method_source (0.8)
    mocha (0.12.4)
      metaclass (~> 0.0.1)
    multi_json (1.3.6)
    multi_xml (0.5.1)
    niceogiri (1.0.2)
      nokogiri (~> 1.4)
    nio4r (0.4.0)
    nokogiri (1.5.5)
    pry (0.9.10)
      coderay (~> 1.0.5)
      method_source (~> 0.8)
      slop (~> 3.3.1)
    punchblock (1.4.0)
      activesupport (~> 3.0)
      blather (>= 0.7.0)
      celluloid (>= 0.11.0)
      future-resource (~> 1.0)
      has-guarded-handlers (~> 1.3)
      niceogiri (~> 1.0)
      ruby_ami (~> 1.2, >= 1.2.1)
      ruby_fs (~> 1.0)
      ruby_speech (~> 1.0)
      state_machine (~> 1.0)
    rake (0.9.2.2)
    rspec (2.11.0)
      rspec-core (~> 2.11.0)
      rspec-expectations (~> 2.11.0)
      rspec-mocks (~> 2.11.0)
    rspec-core (2.11.1)
    rspec-expectations (2.11.3)
      diff-lcs (~> 1.1.3)
    rspec-mocks (2.11.2)
    ruby_ami (1.2.2)
      celluloid-io (~> 0.12.0)
      countdownlatch (~> 1.0)
      future-resource
      girl_friday
    ruby_fs (1.0.1)
      celluloid-io (~> 0.12.0)
      json
    ruby_gntp (0.3.4)
    ruby_speech (1.0.0)
      activesupport (>= 3.0.7)
      niceogiri (~> 1.0)
    slop (3.3.3)
    state_machine (1.1.2)
    thor (0.16.0)
    timers (1.0.1)
    toadhopper (2.1)

PLATFORMS
  ruby

DEPENDENCIES
  adhearsion (~> 2.1)
  adhearsion-reporter (~> 2.0)
  guard
  guard-rspec
  horde_rpc
  httparty
  mocha
  rspec
  ruby_gntp
