GEM
  remote: http://rubygems.org/
  specs:
    activesupport (3.2.8)
      i18n (~> 0.6)
      multi_json (~> 1.0)
    amq-client (0.9.4)
      amq-protocol (>= 0.9.4)
      eventmachine
    amq-protocol (0.9.4)
    amqp (0.9.7)
      amq-client (~> 0.9.4)
      amq-protocol (>= 0.9.4)
      eventmachine
    backports (2.6.4)
    blather (0.8.0)
      activesupport (>= 2.3.11)
      eventmachine (>= 0.12.6)
      girl_friday
      niceogiri (~> 1.0)
      nokogiri (~> 1.5.5)
    connection_pool (0.9.2)
    diff-lcs (1.1.3)
    eventmachine (1.0.0)
    girl_friday (0.10.0)
      connection_pool (~> 0.9.0)
    guard (1.3.2)
      listen (>= 0.4.2)
      thor (>= 0.14.6)
    guard-rspec (1.2.1)
      guard (>= 1.1)
    i18n (0.6.1)
    listen (0.5.0)
    multi_json (1.3.6)
    niceogiri (1.0.2)
      nokogiri (~> 1.4)
    nokogiri (1.5.5)
    rspec (2.11.0)
      rspec-core (~> 2.11.0)
      rspec-expectations (~> 2.11.0)
      rspec-mocks (~> 2.11.0)
    rspec-core (2.11.1)
    rspec-expectations (2.11.3)
      diff-lcs (~> 1.1.3)
    rspec-mocks (2.11.2)
    ruby_gntp (0.3.4)
    thor (0.16.0)
    virtus (0.5.2)
      backports (~> 2.6.1)

PLATFORMS
  ruby

DEPENDENCIES
  amqp
  blather
  guard
  guard-rspec
  rspec
  ruby_gntp
  virtus
