PATH
  remote: ../adam_common
  specs:
    adam_common (0.0.1)
      virtus

GEM
  remote: https://rubygems.org/
  specs:
    activesupport (3.2.8)
      i18n (~> 0.6)
      multi_json (~> 1.0)
    adhearsion (2.3.0)
      activesupport (~> 3.0)
      adhearsion-loquacious (~> 1.9)
      bundler (~> 1.0)
      celluloid (~> 0.13)
      countdownlatch
      deep_merge
      ffi (~> 1.0)
      future-resource (~> 1.0)
      girl_friday
      has-guarded-handlers (~> 1.5)
      logging (~> 1.8)
      pry
      punchblock (~> 1.4)
      rake
      ruby_speech (~> 1.0)
      thor
    adhearsion-loquacious (1.9.3)
    adhearsion-reporter (2.0.1)
      adhearsion (~> 2.0)
      toadhopper (>= 1.3.0)
    amq-client (0.9.4)
      amq-protocol (>= 0.9.4)
      eventmachine
    amq-protocol (0.9.4)
    amqp (0.9.7)
      amq-client (~> 0.9.4)
      amq-protocol (>= 0.9.4)
      eventmachine
    backports (2.6.4)
    blather (0.8.1)
      activesupport (>= 2.3.11)
      eventmachine (>= 0.12.6)
      girl_friday
      niceogiri (~> 1.0)
      nokogiri (~> 1.5.5)
    celluloid (0.13.0)
      timers (>= 1.0.0)
    celluloid-io (0.13.0)
      celluloid (>= 0.13.0)
      nio4r (>= 0.4.0)
    coderay (1.0.9)
    connection_pool (0.9.2)
    countdownlatch (1.0.0)
    deep_merge (1.0.0)
    diff-lcs (1.1.3)
    eventmachine (1.0.0)
    ffi (1.6.0)
    future-resource (1.0.0)
    girl_friday (0.10.0)
      connection_pool (~> 0.9.0)
    guard (1.3.2)
      listen (>= 0.4.2)
      thor (>= 0.14.6)
    guard-rspec (1.2.1)
      guard (>= 1.1)
    has-guarded-handlers (1.5.0)
    i18n (0.6.1)
    json (1.7.7)
    listen (0.5.0)
    little-plugger (1.1.3)
    logging (1.8.1)
      little-plugger (>= 1.1.3)
      multi_json (>= 1.3.6)
    method_source (0.8.1)
    multi_json (1.3.6)
    niceogiri (1.0.2)
      nokogiri (~> 1.4)
    nio4r (0.4.3)
    nokogiri (1.5.5)
    pry (0.9.12)
      coderay (~> 1.0.5)
      method_source (~> 0.8)
      slop (~> 3.4)
    punchblock (1.6.0)
      activesupport (~> 3.0)
      blather (>= 0.7.0)
      celluloid (~> 0.12, >= 0.12.3)
      future-resource (~> 1.0)
      has-guarded-handlers (~> 1.3)
      niceogiri (~> 1.0)
      ruby_ami (~> 1.2, >= 1.2.1)
      ruby_fs (~> 1.0)
      ruby_speech (~> 1.0)
      state_machine (~> 1.0)
    rake (10.0.4)
    rspec (2.11.0)
      rspec-core (~> 2.11.0)
      rspec-expectations (~> 2.11.0)
      rspec-mocks (~> 2.11.0)
    rspec-core (2.11.1)
    rspec-expectations (2.11.3)
      diff-lcs (~> 1.1.3)
    rspec-mocks (2.11.2)
    ruby_ami (1.3.2)
      celluloid-io (~> 0.13)
      countdownlatch (~> 1.0)
      future-resource
      girl_friday
    ruby_fs (1.0.5)
      celluloid-io (~> 0.13)
      json
    ruby_speech (1.0.1)
      activesupport (>= 3.0.7)
      niceogiri (~> 1.0)
    slop (3.4.4)
    state_machine (1.1.2)
    thor (0.16.0)
    timers (1.1.0)
    toadhopper (2.1)
    virtus (0.5.2)
      backports (~> 2.6.1)

PLATFORMS
  ruby

DEPENDENCIES
  adam_common!
  adhearsion (~> 2.3)
  adhearsion-reporter (~> 2.0)
  amqp
  blather
  guard
  guard-rspec
  rspec
